{
   "Modality": "MR",
   "MagneticFieldStrength": 3,
   "Manufacturer": "Philips",
   "ManufacturersModelName": "Achieva_dStream",
   "InstitutionName": "INSERM_PURPAN",
   "InstitutionalDepartmentName": "NEURO-SCIENCES",
   "DeviceSerialNumber": "34111",
   "StationName": "PHILIPS-IL8E2TF",
   "PatientPosition": "HFS",
   "SoftwareVersions": "5.1.7_5.1.7.2",
   "MRAcquisitionType": "2D",
   "SeriesDescription": "EPI_run1_195dyn",
   "ProtocolName": "EPI_run1_195dyn_SENSE",
   "ScanningSequence": "GR",
   "SequenceVariant": "SK",
   "ScanOptions": "FS",
   "ImageType": [
      "ORIGINAL",
      "PRIMARY",
      "M",
      "FFE",
      "M",
      "FFE"
   ],
   "SeriesNumber": 401,
   "AcquisitionTime": "10:21:30.690000",
   "AcquisitionNumber": 4,
   "PhilipsRescaleSlope": 0.802198,
   "PhilipsRescaleIntercept": 0,
   "PhilipsScaleSlope": 0.0249918,
   "UsePhilipsFloatNotDisplayScaling": 1,
   "SliceThickness": 3,
   "SpacingBetweenSlices": 3.2,
   "SAR": 0.07925160000000001,
   "EchoTime": 0.030001,
   "RepetitionTime": 2,
   "FlipAngle": 75,
   "PercentPhaseFOV": 100,
   "EchoTrainLength": 31,
   "PhaseEncodingSteps": 78,
   "AcquisitionMatrixPE": 78,
   "ReconMatrixPE": 80,
   "PixelBandwidth": 3420,
   "PhaseEncodingAxis": "j",
   "ImageOrientationPatientDICOM": [0.997109,-0.0759835,1.49734e-11,0.0759339,0.996458,-0.0361363],
   "InPlanePhaseEncodingDirectionDICOM": "COL",
   "ConversionSoftware": "dcm2niix",
   "ConversionSoftwareVersion": "v1.0.20180622 GCC4.9.2",
   "TaskName": "faces"
}