{
	"Modality": "MR",
	"MagneticFieldStrength": 3,
	"Manufacturer": "Philips",
	"ManufacturersModelName": "Achieva_dStream",
	"DeviceSerialNumber": "34111",
	"StationName": "HOST_INGENIA",
	"BodyPartExamined": "HEAD",
	"PatientPosition": "HFS",
	"SoftwareVersions": "5.3.1_5.3.1.1",
	"MRAcquisitionType": "3D",
	"SeriesDescription": "sT1W_1mm_3D_32ch",
	"ProtocolName": "sT1W_1mm_3D_32ch",
	"ScanningSequence": "GR",
	"SequenceVariant": "MP",
	"ScanOptions": "OTHER",
	"ImageType": ["ORIGINAL", "PRIMARY", "M", "FFE", "M", "FFE"],
	"SeriesNumber": 1501,
	"AcquisitionTime": "13:53:44.780000",
	"AcquisitionNumber": 15,
	"PhilipsRescaleSlope": 4.55751,
	"PhilipsRescaleIntercept": 0,
	"PhilipsScaleSlope": 0.00176401,
	"UsePhilipsFloatNotDisplayScaling": 1,
	"SliceThickness": 1,
	"SpacingBetweenSlices": 1,
	"SAR": 0.0137531,
	"EchoTime": 0.00377,
	"RepetitionTime": 0.0082261,
	"FlipAngle": 8,
	"PercentPhaseFOV": 100,
	"EchoTrainLength": 119,
	"PhaseEncodingSteps": 240,
	"AcquisitionMatrixPE": 240,
	"ReconMatrixPE": 240,
	"PixelBandwidth": 191,
	"ImageOrientationPatientDICOM": [
		-0.0803894,
		0.996761,
		0.00222553,
		-0.0700758,
		-0.00342439,
		-0.997536	],
	"InPlanePhaseEncodingDirectionDICOM": "ROW",
	"ConversionSoftware": "dcm2niix",
	"ConversionSoftwareVersion": "v1.0.20180622 GCC4.9.2"
}
