{
   "Modality": "MR",
   "MagneticFieldStrength": 3,
   "Manufacturer": "Philips",
   "ManufacturersModelName": "Achieva_dStream",
   "DeviceSerialNumber": "34111",
   "StationName": "HOST_INGENIA",
   "BodyPartExamined": "HEAD",
   "PatientPosition": "HFS",
   "SoftwareVersions": "5.3.1_5.3.1.1",
   "MRAcquisitionType": "2D",
   "SeriesDescription": "EPI_run5_195dyn",
   "ProtocolName": "EPI_run5_195dyn",
   "ScanningSequence": "GR",
   "SequenceVariant": "SK",
   "ScanOptions": "FS",
   "ImageType": [
      "ORIGINAL",
      "PRIMARY",
      "M",
      "FFE",
      "M",
      "FFE"
   ],
   "SeriesNumber": 801,
   "AcquisitionTime": "10:49:32.900000",
   "AcquisitionNumber": 8,
   "PhilipsRescaleSlope": 0.859341,
   "PhilipsRescaleIntercept": 0,
   "PhilipsScaleSlope": 0.00722285,
   "UsePhilipsFloatNotDisplayScaling": 1,
   "SliceThickness": 3,
   "SpacingBetweenSlices": 3.2,
   "SAR": 0.0791068,
   "EchoTime": 0.030001,
   "RepetitionTime": 2,
   "FlipAngle": 75,
   "PercentPhaseFOV": 100,
   "EchoTrainLength": 31,
   "PhaseEncodingSteps": 78,
   "AcquisitionMatrixPE": 78,
   "ReconMatrixPE": 80,
   "PixelBandwidth": 3420,
   "PhaseEncodingAxis": "j",
   "ImageOrientationPatientDICOM": [0.995618,-0.0692796,0.06280819999999999,0.0736508,0.994812,-0.0701809],
   "InPlanePhaseEncodingDirectionDICOM": "COL",
   "ConversionSoftware": "dcm2niix",
   "ConversionSoftwareVersion": "v1.0.20180622 GCC4.9.2",
   "TaskName": "faces"
}