{
   "Modality": "MR",
   "MagneticFieldStrength": 3,
   "Manufacturer": "Philips",
   "ManufacturersModelName": "Achieva_dStream",
   "InstitutionName": "INSERM_PURPAN",
   "InstitutionalDepartmentName": "NEURO-SCIENCES",
   "DeviceSerialNumber": "34111",
   "StationName": "PHILIPS-IL8E2TF",
   "PatientPosition": "HFS",
   "SoftwareVersions": "5.1.7_5.1.7.2",
   "MRAcquisitionType": "2D",
   "SeriesDescription": "EPI_LOCALIZER_56dyn",
   "ProtocolName": "EPI_LOCALIZER_56dyn_SENSE",
   "ScanningSequence": "GR",
   "SequenceVariant": "SK",
   "ScanOptions": "FS",
   "ImageType": [
      "ORIGINAL",
      "PRIMARY",
      "M",
      "FFE",
      "M",
      "FFE"
   ],
   "SeriesNumber": 1101,
   "AcquisitionTime": "11:02:0.480000",
   "AcquisitionNumber": 11,
   "PhilipsRescaleSlope": 0.796825,
   "PhilipsRescaleIntercept": 0,
   "PhilipsScaleSlope": 0.0261008,
   "UsePhilipsFloatNotDisplayScaling": 1,
   "SliceThickness": 3,
   "SpacingBetweenSlices": 3.2,
   "SAR": 0.07929600000000001,
   "EchoTime": 0.03,
   "RepetitionTime": 2,
   "FlipAngle": 75,
   "PercentPhaseFOV": 100,
   "EchoTrainLength": 31,
   "PhaseEncodingSteps": 78,
   "AcquisitionMatrixPE": 78,
   "ReconMatrixPE": 80,
   "PixelBandwidth": 3423,
   "PhaseEncodingAxis": "j",
   "ImageOrientationPatientDICOM": [0.998715,-0.0480072,0.0162399,0.0486403,0.997969,-0.0411406],
   "InPlanePhaseEncodingDirectionDICOM": "COL",
   "ConversionSoftware": "dcm2niix",
   "ConversionSoftwareVersion": "v1.0.20180622 GCC4.9.2",
   "TaskName": "loc"
}