{
   "Modality": "MR",
   "MagneticFieldStrength": 3,
   "Manufacturer": "Philips",
   "ManufacturersModelName": "Achieva_dStream",
   "DeviceSerialNumber": "34111",
   "StationName": "HOST_INGENIA",
   "BodyPartExamined": "HEAD",
   "PatientPosition": "HFS",
   "SoftwareVersions": "5.3.1_5.3.1.1",
   "MRAcquisitionType": "2D",
   "SeriesDescription": "EPI_run11_204dyn",
   "ProtocolName": "EPI_run11_204dyn",
   "ScanningSequence": "GR",
   "SequenceVariant": "SK",
   "ScanOptions": "FS",
   "ImageType": [
      "ORIGINAL",
      "PRIMARY",
      "M",
      "FFE",
      "M",
      "FFE"
   ],
   "SeriesNumber": 1301,
   "AcquisitionTime": "13:14:39.740000",
   "AcquisitionNumber": 13,
   "PhilipsRescaleSlope": 0.758486,
   "PhilipsRescaleIntercept": 0,
   "PhilipsScaleSlope": 0.00768166,
   "UsePhilipsFloatNotDisplayScaling": 1,
   "SliceThickness": 3,
   "SpacingBetweenSlices": 3.2,
   "SAR": 0.0791555,
   "EchoTime": 0.030001,
   "RepetitionTime": 2,
   "FlipAngle": 75,
   "PercentPhaseFOV": 100,
   "EchoTrainLength": 31,
   "PhaseEncodingSteps": 78,
   "AcquisitionMatrixPE": 78,
   "ReconMatrixPE": 80,
   "PixelBandwidth": 3427,
   "PhaseEncodingAxis": "j",
   "ImageOrientationPatientDICOM": [0.996706,0.0165249,0.079397,-0.00676953,0.992556,-0.1216],
   "InPlanePhaseEncodingDirectionDICOM": "COL",
   "ConversionSoftware": "dcm2niix",
   "ConversionSoftwareVersion": "v1.0.20180622 GCC4.9.2",
   "TaskName": "faces"
}