{
   "Modality": "MR",
   "MagneticFieldStrength": 3,
   "Manufacturer": "Philips",
   "ManufacturersModelName": "Achieva_dStream",
   "DeviceSerialNumber": "34111",
   "StationName": "HOST_INGENIA",
   "BodyPartExamined": "HEAD",
   "PatientPosition": "HFS",
   "SoftwareVersions": "5.3.1_5.3.1.1",
   "MRAcquisitionType": "2D",
   "SeriesDescription": "EPI_LOCALIZER_56dyn",
   "ProtocolName": "EPI_LOCALIZER_56dyn",
   "ScanningSequence": "GR",
   "SequenceVariant": "SK",
   "ScanOptions": "FS",
   "ImageType": [
      "ORIGINAL",
      "PRIMARY",
      "M",
      "FFE",
      "M",
      "FFE"
   ],
   "SeriesNumber": 601,
   "AcquisitionTime": "11:34:2.700000",
   "AcquisitionNumber": 6,
   "PhilipsRescaleSlope": 0.794628,
   "PhilipsRescaleIntercept": 0,
   "PhilipsScaleSlope": 0.00813174,
   "UsePhilipsFloatNotDisplayScaling": 1,
   "SliceThickness": 3,
   "SpacingBetweenSlices": 3.2,
   "SAR": 0.0790158,
   "EchoTime": 0.03,
   "RepetitionTime": 2,
   "FlipAngle": 75,
   "PercentPhaseFOV": 100,
   "EchoTrainLength": 31,
   "PhaseEncodingSteps": 78,
   "AcquisitionMatrixPE": 78,
   "ReconMatrixPE": 80,
   "PixelBandwidth": 3425,
   "PhaseEncodingAxis": "j",
   "ImageOrientationPatientDICOM": [0.999073,0.00434145,0.042826,-0.00434544,0.999991,-1.58898e-11],
   "InPlanePhaseEncodingDirectionDICOM": "COL",
   "ConversionSoftware": "dcm2niix",
   "ConversionSoftwareVersion": "v1.0.20180622 GCC4.9.2",
   "TaskName": "loc"
}