{
   "Modality": "MR",
   "MagneticFieldStrength": 3,
   "Manufacturer": "Philips",
   "ManufacturersModelName": "Achieva_dStream",
   "DeviceSerialNumber": "34111",
   "StationName": "HOST_INGENIA",
   "BodyPartExamined": "HEAD",
   "PatientPosition": "HFS",
   "SoftwareVersions": "5.3.1_5.3.1.1",
   "MRAcquisitionType": "2D",
   "SeriesDescription": "EPI_run10_204dyn",
   "ProtocolName": "EPI_run10_204dyn",
   "ScanningSequence": "GR",
   "SequenceVariant": "SK",
   "ScanOptions": "FS",
   "ImageType": [
      "ORIGINAL",
      "PRIMARY",
      "M",
      "FFE",
      "M",
      "FFE"
   ],
   "SeriesNumber": 1401,
   "AcquisitionTime": "12:39:37.210000",
   "AcquisitionNumber": 14,
   "PhilipsRescaleSlope": 0.760928,
   "PhilipsRescaleIntercept": 0,
   "PhilipsScaleSlope": 0.00760445,
   "UsePhilipsFloatNotDisplayScaling": 1,
   "SliceThickness": 3,
   "SpacingBetweenSlices": 3.2,
   "SAR": 0.079107,
   "EchoTime": 0.030001,
   "RepetitionTime": 2,
   "FlipAngle": 75,
   "PercentPhaseFOV": 100,
   "EchoTrainLength": 31,
   "PhaseEncodingSteps": 78,
   "AcquisitionMatrixPE": 78,
   "ReconMatrixPE": 80,
   "PixelBandwidth": 3420,
   "PhaseEncodingAxis": "j",
   "ImageOrientationPatientDICOM": [0.99759,0.0428324,0.0545801,-0.0396801,0.997552,-0.0575862],
   "InPlanePhaseEncodingDirectionDICOM": "COL",
   "ConversionSoftware": "dcm2niix",
   "ConversionSoftwareVersion": "v1.0.20180622 GCC4.9.2",
   "TaskName": "faces"
}