{
	"Modality": "MR",
	"MagneticFieldStrength": 3,
	"Manufacturer": "Philips",
	"ManufacturersModelName": "Achieva_dStream",
	"DeviceSerialNumber": "34111",
	"StationName": "HOST_INGENIA",
	"BodyPartExamined": "HEAD",
	"PatientPosition": "HFS",
	"SoftwareVersions": "5.3.1_5.3.1.1",
	"MRAcquisitionType": "3D",
	"SeriesDescription": "sT1W_1mm_3D_32ch",
	"ProtocolName": "sT1W_1mm_3D_32ch",
	"ScanningSequence": "GR",
	"SequenceVariant": "MP",
	"ScanOptions": "OTHER",
	"ImageType": ["ORIGINAL", "PRIMARY", "M", "FFE", "M", "FFE"],
	"SeriesNumber": 1301,
	"AcquisitionTime": "12:34:7.940000",
	"AcquisitionNumber": 13,
	"PhilipsRescaleSlope": 5.14188,
	"PhilipsRescaleIntercept": 0,
	"PhilipsScaleSlope": 0.0017329,
	"UsePhilipsFloatNotDisplayScaling": 1,
	"SliceThickness": 1,
	"SpacingBetweenSlices": 1,
	"SAR": 0.0137531,
	"EchoTime": 0.003737,
	"RepetitionTime": 0.0081639,
	"FlipAngle": 8,
	"PercentPhaseFOV": 100,
	"EchoTrainLength": 119,
	"PhaseEncodingSteps": 240,
	"AcquisitionMatrixPE": 240,
	"ReconMatrixPE": 240,
	"PixelBandwidth": 191,
	"ImageOrientationPatientDICOM": [
		-0.0641422,
		0.997941,
		2.09524e-10,
		0.0375965,
		0.0024165,
		-0.99929	],
	"InPlanePhaseEncodingDirectionDICOM": "ROW",
	"ConversionSoftware": "dcm2niix",
	"ConversionSoftwareVersion": "v1.0.20180622 GCC4.9.2"
}
