{
	"Modality": "MR",
	"MagneticFieldStrength": 3,
	"Manufacturer": "Philips",
	"ManufacturersModelName": "Achieva_dStream",
	"DeviceSerialNumber": "34111",
	"StationName": "HOST_INGENIA",
	"BodyPartExamined": "HEAD",
	"PatientPosition": "HFS",
	"SoftwareVersions": "5.3.1_5.3.1.1",
	"MRAcquisitionType": "3D",
	"SeriesDescription": "sT1W_1mm_3D_32ch",
	"ProtocolName": "sT1W_1mm_3D_32ch",
	"ScanningSequence": "GR",
	"SequenceVariant": "MP",
	"ScanOptions": "OTHER",
	"ImageType": ["ORIGINAL", "PRIMARY", "M", "FFE", "M", "FFE"],
	"SeriesNumber": 201,
	"AcquisitionTime": "10:07:18.510000",
	"AcquisitionNumber": 2,
	"PhilipsRescaleSlope": 4.60513,
	"PhilipsRescaleIntercept": 0,
	"PhilipsScaleSlope": 0.00171501,
	"UsePhilipsFloatNotDisplayScaling": 1,
	"SliceThickness": 1,
	"SpacingBetweenSlices": 1,
	"SAR": 0.0131201,
	"EchoTime": 0.003739,
	"RepetitionTime": 0.0081676,
	"FlipAngle": 8,
	"PercentPhaseFOV": 100,
	"EchoTrainLength": 119,
	"PhaseEncodingSteps": 240,
	"AcquisitionMatrixPE": 240,
	"ReconMatrixPE": 240,
	"PixelBandwidth": 191,
	"ImageOrientationPatientDICOM": [
		0.0811749,
		0.9967,
		-3.13066e-12,
		0.0247115,
		-0.00201259,
		-0.999693	],
	"InPlanePhaseEncodingDirectionDICOM": "ROW",
	"ConversionSoftware": "dcm2niix",
	"ConversionSoftwareVersion": "v1.0.20180622 GCC4.9.2"
}
