{
   "Modality": "MR",
   "MagneticFieldStrength": 3,
   "Manufacturer": "Philips",
   "ManufacturersModelName": "Achieva_dStream",
   "DeviceSerialNumber": "34111",
   "StationName": "HOST_INGENIA",
   "BodyPartExamined": "HEAD",
   "PatientPosition": "HFS",
   "SoftwareVersions": "5.3.1_5.3.1.1",
   "MRAcquisitionType": "2D",
   "SeriesDescription": "EPI_LOCALIZER_56dyn",
   "ProtocolName": "EPI_LOCALIZER_56dyn",
   "ScanningSequence": "GR",
   "SequenceVariant": "SK",
   "ScanOptions": "FS",
   "ImageType": [
      "ORIGINAL",
      "PRIMARY",
      "M",
      "FFE",
      "M",
      "FFE"
   ],
   "SeriesNumber": 601,
   "AcquisitionTime": "12:56:42.340000",
   "AcquisitionNumber": 6,
   "PhilipsRescaleSlope": 0.799023,
   "PhilipsRescaleIntercept": 0,
   "PhilipsScaleSlope": 0.00712583,
   "UsePhilipsFloatNotDisplayScaling": 1,
   "SliceThickness": 3,
   "SpacingBetweenSlices": 3.2,
   "SAR": 0.0791077,
   "EchoTime": 0.03,
   "RepetitionTime": 2,
   "FlipAngle": 75,
   "PercentPhaseFOV": 100,
   "EchoTrainLength": 31,
   "PhaseEncodingSteps": 78,
   "AcquisitionMatrixPE": 78,
   "ReconMatrixPE": 80,
   "PixelBandwidth": 3415,
   "PhaseEncodingAxis": "j",
   "ImageOrientationPatientDICOM": [0.997079,0.0588339,0.0486977,-0.0542766,0.9944499999999999,-0.0901322],
   "InPlanePhaseEncodingDirectionDICOM": "COL",
   "ConversionSoftware": "dcm2niix",
   "ConversionSoftwareVersion": "v1.0.20180622 GCC4.9.2",
   "TaskName": "loc"
}